PATH
  remote: .
  specs:
    cql (0.2.1)
      cucumber_analytics (~> 1.2.0)
      json (>= 1.4.6)

GEM
  remote: http://rubygems.org/
  specs:
    builder (3.2.2)
    cucumber (1.3.5)
      builder (>= 2.1.2)
      diff-lcs (>= 1.1.3)
      gherkin (~> 2.12.0)
      multi_json (~> 1.7.5)
      multi_test (>= 0.0.2)
    cucumber_analytics (1.2.0)
      gherkin
    deep_clone (0.0.1)
    diff-lcs (1.2.4)
    gherkin (2.12.0)
      multi_json (~> 1.3)
    gherkin (2.12.0-x86-mingw32)
      multi_json (~> 1.3)
    json (1.8.0)
    multi_json (1.7.7)
    multi_test (0.0.2)
    rake (10.1.0)
    rspec (2.14.1)
      rspec-core (~> 2.14.0)
      rspec-expectations (~> 2.14.0)
      rspec-mocks (~> 2.14.0)
    rspec-core (2.14.4)
    rspec-expectations (2.14.0)
      diff-lcs (>= 1.1.3, < 2.0)
    rspec-mocks (2.14.2)

PLATFORMS
  ruby
  x86-mingw32

DEPENDENCIES
  cql!
  cucumber
  deep_clone
  rake (>= 0.9)
  rspec
